GEM
  remote: https://rubygems.org/
  specs:
    naturally (2.2.1)
    pkg-config (1.5.1)
    rmagick (5.1.0)
      pkg-config (~> 1.4)

PLATFORMS
  ruby

DEPENDENCIES
  naturally
  rmagick

BUNDLED WITH
   2.2.15
