GEM
  remote: https://rubygems.org/
  specs:
    byebug (9.1.0)
    coderay (1.1.2)
    method_source (0.9.0)
    naturally (2.1.0)
    pry (0.11.2)
      coderay (~> 1.1.0)
      method_source (~> 0.9.0)
    pry-byebug (3.5.0)
      byebug (~> 9.1)
      pry (~> 0.10)
    rmagick (2.16.0)

PLATFORMS
  ruby

DEPENDENCIES
  naturally
  pry-byebug
  rmagick

BUNDLED WITH
   1.14.6
