GEM
  remote: https://rubygems.org/
  specs:
    naturally (2.2.1)
    rmagick (5.0.0)

PLATFORMS
  ruby

DEPENDENCIES
  naturally
  rmagick

BUNDLED WITH
   2.2.15
