GEM
  remote: https://rubygems.org/
  specs:
    naturally (2.2.1)
    pkg-config (1.5.5)
    rmagick (5.3.0)
      pkg-config (~> 1.4)

PLATFORMS
  ruby

DEPENDENCIES
  naturally
  rmagick

BUNDLED WITH
   2.4.6
