GEM
  remote: https://rubygems.org/
  specs:
    naturally (2.2.1)
    rmagick (4.2.2)

PLATFORMS
  ruby

DEPENDENCIES
  naturally
  rmagick

BUNDLED WITH
   2.1.2
